GEM
  remote: https://rubygems.org/
  specs:
    axiom-types (0.1.1)
      descendants_tracker (~> 0.0.4)
      ice_nine (~> 0.11.0)
      thread_safe (~> 0.3, >= 0.3.1)
    coercible (1.0.0)
      descendants_tracker (~> 0.0.1)
    descendants_tracker (0.0.4)
      thread_safe (~> 0.3, >= 0.3.1)
    discogs-wrapper (2.4.0)
      hashie (~> 3.0)
      httparty (~> 0.14)
      oauth (~> 0.5.1)
    dotenv (2.2.1)
    equalizer (0.0.11)
    faraday (0.14.0)
      multipart-post (>= 1.2, < 3)
    hashie (3.5.7)
    httparty (0.16.0)
      multi_xml (>= 0.5.2)
    ice_nine (0.11.2)
    inflecto (0.0.2)
    mini_portile2 (2.3.0)
    multi_xml (0.6.0)
    multipart-post (2.0.0)
    nokogiri (1.8.2)
      mini_portile2 (~> 2.3.0)
    oauth (0.5.4)
    telegram-bot-ruby (0.8.6.1)
      faraday
      inflecto
      virtus
    thread_safe (0.3.6)
    virtus (1.0.5)
      axiom-types (~> 0.1)
      coercible (~> 1.0)
      descendants_tracker (~> 0.0, >= 0.0.3)
      equalizer (~> 0.0, >= 0.0.9)

PLATFORMS
  ruby

DEPENDENCIES
  discogs-wrapper
  dotenv
  httparty
  nokogiri
  telegram-bot-ruby

RUBY VERSION
   ruby 2.5.0p0

BUNDLED WITH
   1.16.1
